GEM
  remote: https://rubygems.org/
  specs:
    bond (0.5.1)
    coderay (1.0.9)
    docker-api (1.23.0)
      excon (>= 0.38.0)
      json
    excon (0.45.4)
    json (1.8.1)
    paint (1.0.0)
    ripl (0.7.1)
      bond (~> 0.5.1)
    ripl-auto_indent (0.2.0)
      ripl (>= 0.6.0)
      ripl-multi_line (>= 0.3.0)
      ruby_indentation (>= 0.2.0)
    ripl-color_result (0.4.1)
      ripl (>= 0.4.1)
      wirb (>= 0.4.0)
    ripl-color_streams (0.1.2)
      ripl (>= 0.2.8)
    ripl-commands (0.2.1)
      ripl (>= 0.2.9)
    ripl-multi_line (0.3.1)
      ripl (>= 0.3.6)
    ripl-rocket (0.1.1)
      ripl (>= 0.3.0)
      unicode-display_width (>= 0.1.1)
    ripl-shell_commands (0.1.0)
      ripl (~> 0.3)
    ruby_indentation (0.2.0)
      coderay (~> 1.0.5)
    unicode-display_width (0.2.0)
    wirb (2.0.0)
      paint (>= 0.9, < 2.0)

PLATFORMS
  ruby

DEPENDENCIES
  docker-api
  ripl
  ripl-auto_indent
  ripl-color_result
  ripl-color_streams
  ripl-commands
  ripl-multi_line
  ripl-rocket
  ripl-shell_commands

BUNDLED WITH
   1.10.6
